GEM
  remote: http://rubygems.org/
  specs:
    rack (1.5.2)
    rack-nocache (0.1.0)

PLATFORMS
  ruby

DEPENDENCIES
  rack (~> 1.5.2)
  rack-nocache (~> 0.1.0)
